GEM
  remote: https://rubygems.org/
  specs:
    asciidoctor (1.5.7.1)
    asciidoctor-diagram (1.5.9)
      asciidoctor (~> 1.5.0)
    coderay (1.1.2)

PLATFORMS
  java

DEPENDENCIES
  asciidoctor
  asciidoctor-diagram
  coderay

BUNDLED WITH
   1.16.0
